PATH
  remote: ..
  specs:
    shale (0.9.0)

GEM
  remote: https://rubygems.org/
  specs:
    benchmark-ips (2.10.0)
    declarative (0.0.20)
    multi_json (1.15.0)
    nokogiri (1.14.0-arm64-darwin)
      racc (~> 1.4)
    ox (2.14.12)
    racc (1.6.2)
    representable (3.2.0)
      declarative (< 0.1.0)
      trailblazer-option (>= 0.1.1, < 0.2.0)
      uber (< 0.2.0)
    rexml (3.2.5)
    trailblazer-option (0.1.2)
    uber (0.1.0)

PLATFORMS
  arm64-darwin-21
  arm64-darwin-22

DEPENDENCIES
  benchmark-ips
  multi_json
  nokogiri
  ox
  representable
  rexml
  shale!

BUNDLED WITH
   2.4.3
